PATH
  remote: .
  specs:
    translations (0.0.1)

GEM
  remote: https://rubygems.org/
  specs:
    diff-lcs (1.1.3)
    fakefs (0.4.2)
    predicated (0.2.6)
    rspec (2.12.0)
      rspec-core (~> 2.12.0)
      rspec-expectations (~> 2.12.0)
      rspec-mocks (~> 2.12.0)
    rspec-core (2.12.2)
    rspec-expectations (2.12.1)
      diff-lcs (~> 1.1.3)
    rspec-mocks (2.12.2)
    ruby2ruby (2.0.3)
      ruby_parser (~> 3.1)
      sexp_processor (~> 4.0)
    ruby_parser (3.1.1)
      sexp_processor (~> 4.1)
    sexp_processor (4.1.4)
    wrong (0.7.0)
      diff-lcs (~> 1.1.2)
      predicated (~> 0.2.6)
      ruby2ruby (>= 2.0.1)
      ruby_parser (>= 3.0.1)
      sexp_processor (>= 4.0)

PLATFORMS
  ruby

DEPENDENCIES
  fakefs (~> 0.4.2)
  rspec (~> 2.12.0)
  translations!
  wrong (~> 0.7.0)
